GEM
  remote: http://rubygems.org/
  specs:
    BlueCloth (1.0.1)
    RedCloth (4.2.3)
    SyslogLogger (1.4.0)
      hoe (>= 1.2.0)
    actionmailer (2.3.4)
      actionpack (= 2.3.4)
    actionpack (2.3.4)
      activesupport (= 2.3.4)
      rack (~> 1.0.0)
    activerecord (2.3.4)
      activesupport (= 2.3.4)
    activerecord-activesalesforce-adapter (2.0.0)
      builder (>= 1.2.4)
      rails (>= 2.0.2)
    activeresource (2.3.4)
      activesupport (= 2.3.4)
    activesupport (2.3.4)
    builder (2.1.2)
    columnize (0.3.2)
    cucumber (0.6.2)
      builder (>= 2.1.2)
      diff-lcs (>= 1.1.2)
      json_pure (>= 1.2.0)
      polyglot (>= 0.2.9)
      term-ansicolor (>= 1.0.4)
      treetop (>= 1.4.2)
    cucumber-rails (0.2.4)
      cucumber (>= 0.6.2)
    daemons (1.0.10)
    database_cleaner (0.4.3)
    diff-lcs (1.1.2)
    eventmachine (0.12.10)
    factory_girl (1.2.3)
    ghost (0.2.8)
    gruff (0.3.4)
    highline (1.6.1)
    hoe (1.12.2)
      rake (>= 0.8.4)
      rubyforge (>= 1.0.3)
    hpricot (0.8.1)
    httpclient (2.1.5.2)
    imagesize (0.1.1)
    json (1.1.6)
    json_pure (1.2.0)
    libxml-ruby (1.1.3)
    linecache (0.43)
    maruku (0.6.0)
      syntax (>= 1.0.0)
    memcache-client (1.7.7)
    mime-types (1.16)
    mysql (2.8.1)
    net-ssh (2.0.11)
    newrelic_rpm (2.13.4)
    nokogiri (1.3.1)
    polyglot (0.2.9)
    rack (1.0.1)
    radius (0.5.1)
    rails (2.3.4)
      actionmailer (= 2.3.4)
      actionpack (= 2.3.4)
      activerecord (= 2.3.4)
      activeresource (= 2.3.4)
      activesupport (= 2.3.4)
      rake (>= 0.8.3)
    rake (0.8.7)
    rmagick (2.9.2)
    rspec (1.3.0)
    rspec-rails (1.3.2)
      rack (>= 1.0.0)
      rspec (>= 1.3.0)
    ruby-debug (0.10.4)
      columnize (>= 0.1)
      ruby-debug-base (~> 0.10.4.0)
    ruby-debug-base (0.10.4)
      linecache (>= 0.3)
    rubyforge (2.0.3)
      json_pure (>= 1.1.7)
    selenium-client (1.2.18)
    slave (1.2.1)
    soap4r (1.5.8)
      httpclient (>= 2.1.1)
    starling (0.10.1)
      eventmachine (>= 0.12.0)
      memcache-client (>= 1.7.0)
    syntax (1.0.0)
    system_timer (1.0)
    term-ansicolor (1.0.4)
    treetop (1.4.3)
      polyglot (>= 0.2.5)
    webrat (0.6.0)
      nokogiri (>= 1.2.0)
      rack (>= 1.0)

PLATFORMS
  ruby

DEPENDENCIES
  BlueCloth (= 1.0.1)
  RedCloth (= 4.2.3)
  SyslogLogger (= 1.4.0)
  activerecord-activesalesforce-adapter (= 2.0.0)
  builder (= 2.1.2)
  cucumber (= 0.6.2)
  cucumber-rails (= 0.2.4)
  daemons (= 1.0.10)
  database_cleaner (= 0.4.3)
  diff-lcs (= 1.1.2)
  eventmachine (= 0.12.10)
  factory_girl (= 1.2.3)
  ghost (= 0.2.8)
  gruff (= 0.3.4)
  highline (= 1.6.1)
  hoe (= 1.12.2)
  hpricot (= 0.8.1)
  httpclient (= 2.1.5.2)
  imagesize (= 0.1.1)
  json (= 1.1.6)
  json_pure (= 1.2.0)
  libxml-ruby (= 1.1.3)
  maruku (= 0.6.0)
  memcache-client (= 1.7.7)
  mime-types (= 1.16)
  mysql (= 2.8.1)
  net-ssh (= 2.0.11)
  newrelic_rpm
  nokogiri (= 1.3.1)
  polyglot (= 0.2.9)
  radius (= 0.5.1)
  rails (= 2.3.4)
  rmagick (= 2.9.2)
  rspec (= 1.3.0)
  rspec-rails (= 1.3.2)
  ruby-debug (= 0.10.4)
  rubyforge (= 2.0.3)
  selenium-client (= 1.2.18)
  slave (= 1.2.1)
  soap4r (= 1.5.8)
  starling (= 0.10.1)
  syntax (= 1.0.0)
  system_timer (= 1.0)
  term-ansicolor (= 1.0.4)
  treetop (= 1.4.3)
  webrat (= 0.6.0)
